GEM
  remote: http://rubygems.org/
  specs:
    minitest (2.12.1)
    rake (12.3.3)

PLATFORMS
  ruby

DEPENDENCIES
  minitest
  rake
